GEM
  remote: https://rubygems.org/
  remote: https://repo.fury.io/stefansundin/
  specs:
    addressable (2.3.8)
    backports (3.6.4)
    better_errors (2.1.1)
      coderay (>= 1.0.0)
      erubis (>= 2.6.6)
      rack (>= 0.9.0)
    binding_of_caller (0.7.2)
      debug_inspector (>= 0.0.1)
    buftok (0.2.0)
    cassandra-driver (2.1.4)
      ione (~> 1.2)
    clogger (2.0.2)
      rack (~> 1.0)
    coderay (1.1.0)
    debug_inspector (0.0.2)
    domain_name (0.5.24)
      unf (>= 0.0.5, < 1.0.0)
    dotenv (2.0.2)
    equalizer (0.0.11)
    erubis (2.7.0)
    github-release-party (0.0.3)
      httparty (~> 0.13)
    heroku-env (0.1.2)
    http (0.8.12)
      addressable (~> 2.3)
      http-cookie (~> 1.0)
      http-form_data (~> 1.0.1)
      http_parser.rb (~> 0.6.0)
    http-cookie (1.0.2)
      domain_name (~> 0.5)
    http-form_data (1.0.1)
    http_parser.rb (0.6.0)
    httparty (0.13.5)
      json (~> 1.8)
      multi_xml (>= 0.5.2)
    ione (1.2.0)
    json (1.8.3)
    kgio (2.9.3)
    memoizable (0.4.2)
      thread_safe (~> 0.3, >= 0.3.1)
    method_source (0.8.2)
    multi_json (1.11.1)
    multi_xml (0.5.5)
    multipart-post (2.0.0)
    naught (1.0.0)
    newrelic_rpm (3.12.1.298)
    powder (0.3.0)
      thor (>= 0.11.5)
    pry (0.10.1)
      coderay (~> 1.1.0)
      method_source (~> 0.8.1)
      slop (~> 3.4)
    pry-remote (0.1.8)
      pry (~> 0.9)
      slop (~> 3.0)
    rack (1.6.4)
    rack-protection (1.5.3)
      rack
    rack-ssl-enforcer (0.2.8)
    rack-test (0.6.3)
      rack (>= 1.0)
    raindrops (0.14.0)
    rake (10.4.2)
    redis (3.2.1)
    redis-namespace (1.5.2)
      redis (~> 3.0, >= 3.0.4)
    simple_oauth (0.3.1)
    sinatra (1.4.6)
      rack (~> 1.4)
      rack-protection (~> 1.4)
      tilt (>= 1.3, < 3)
    sinatra-contrib (1.4.6)
      backports (>= 2.0)
      multi_json
      rack-protection
      rack-test
      sinatra (~> 1.4.0)
      tilt (>= 1.3, < 3)
    sinatra-reloader (1.0)
      sinatra-contrib
    slop (3.6.0)
    thor (0.19.1)
    thread_safe (0.3.5)
    tilt (2.0.1)
    twitter (6.0.2)
      addressable (~> 2.3)
      buftok (~> 0.2.0)
      equalizer (~> 0.0.9)
      http (~> 0.8.4)
      http-form_data (~> 1.0)
      http_parser.rb (~> 0.6.0)
      memoizable (~> 0.4.0)
      multipart-post (~> 2.0)
      naught (~> 1.0)
      simple_oauth (~> 0.3.0)
    unf (0.1.4)
      unf_ext
    unf_ext (0.0.7.1)
    unicorn (4.9.0)
      kgio (~> 2.6)
      rack
      raindrops (~> 0.7)

PLATFORMS
  ruby

DEPENDENCIES
  better_errors
  binding_of_caller
  bundler
  cassandra-driver
  clogger
  dotenv
  github-release-party
  heroku-env
  httparty
  newrelic_rpm
  powder
  pry-remote
  rack
  rack-ssl-enforcer
  rake
  redis
  redis-namespace
  sinatra
  sinatra-reloader
  twitter!
  unicorn

BUNDLED WITH
   1.10.5
